GEM
  remote: https://rubygems.org/
  specs:
    rack (2.1.2)
    rake (13.0.1)
    shotgun (0.9.2)
      rack (>= 1.0)

PLATFORMS
  ruby

DEPENDENCIES
  rack
  rake
  shotgun

BUNDLED WITH
   1.17.2
